PATH
  remote: .
  specs:
    dolly (0.1.0)

GEM
  remote: https://rubygems.org/
  specs:
    minitest (3.5.0)
    rack (2.0.1)
    rack-test (0.6.3)
      rack (>= 1.0)
    rake (10.5.0)

PLATFORMS
  ruby

DEPENDENCIES
  bundler (~> 1.12)
  dolly!
  minitest (~> 3.0)
  rack
  rack-test
  rake (~> 10.0)

BUNDLED WITH
   1.12.5
